GEM
  remote: https://rubygems.org/
  specs:
    coderay (1.1.3)
    elasticsearch (7.16.0)
      elasticsearch-api (= 7.16.0)
      elasticsearch-transport (= 7.16.0)
    elasticsearch-api (7.16.0)
      multi_json
    elasticsearch-transport (7.16.0)
      faraday (~> 1)
      multi_json
    faraday (1.8.0)
      faraday-em_http (~> 1.0)
      faraday-em_synchrony (~> 1.0)
      faraday-excon (~> 1.1)
      faraday-httpclient (~> 1.0.1)
      faraday-net_http (~> 1.0)
      faraday-net_http_persistent (~> 1.1)
      faraday-patron (~> 1.0)
      faraday-rack (~> 1.0)
      multipart-post (>= 1.2, < 3)
      ruby2_keywords (>= 0.0.4)
    faraday-em_http (1.0.0)
    faraday-em_synchrony (1.0.0)
    faraday-excon (1.1.0)
    faraday-httpclient (1.0.1)
    faraday-net_http (1.0.1)
    faraday-net_http_persistent (1.2.0)
    faraday-patron (1.0.0)
    faraday-rack (1.0.0)
    method_source (1.0.0)
    mini_portile2 (2.6.1)
    multi_json (1.15.0)
    multipart-post (2.1.1)
    mysql2 (0.5.3)
    nokogiri (1.12.5)
      mini_portile2 (~> 2.6.1)
      racc (~> 1.4)
    pry (0.14.1)
      coderay (~> 1.1)
      method_source (~> 1.0)
    racc (1.6.0)
    ruby2_keywords (0.0.5)
    sequel (5.51.0)

PLATFORMS
  ruby

DEPENDENCIES
  elasticsearch
  mysql2
  nokogiri
  pry
  sequel

BUNDLED WITH
   2.1.4
